PATH
  remote: .
  specs:
    activerecord-aurora-serverless-adapter (0.1.0)

GEM
  remote: https://rubygems.org/
  specs:
    appraisal (2.2.0)
      bundler
      rake
      thor (>= 0.14.0)
    minitest (5.13.0)
    rake (13.0.1)
    thor (0.20.3)

PLATFORMS
  ruby

DEPENDENCIES
  activerecord-aurora-serverless-adapter!
  appraisal
  minitest
  rake

BUNDLED WITH
   1.17.3
